{
    "Manufacturer":"Siemens",
    "ManufacturersModelName":"TrioTim",
    "EchoNumber":2,
    "AcquisitionNumber":1,
    "InstitutionName":"Intermountain_Neuroimaging_Consortium",
    "InstitutionAddress":"Exposition_Drive_1777_Boulder-_1c711dc-_Denver_US_80301",
    "DeviceSerialNumber":"35451",
    "SoftwareVersions":"syngo_MR_B17",
    "ProcedureStepDescription":"JORR_VTS_REWARD_200039",
    "ScanningSequence":"GR",
    "SequenceVariant":"SP",
    "SeriesDescription":"gre_field_mapping",
    "ProtocolName":"gre_field_mapping",
    "SequenceName":"_fm2d2r",
    "ImageType":[
        "ORIGINAL",
        "PRIMARY",
        "P",
        "ND"
    ],
    "AcquisitionTime":"09:14:47.710000",
    "MagneticFieldStrength":3,
    "FlipAngle":60,
    "EchoTime":0.00738,
    "RepetitionTime":0.4,
    "PhaseEncodingLines":64,
    "PhaseEncodingDirection":"i-",
    "ConversionSoftware":"dcm2niix",
    "ConversionSoftwareVersion":"v1.0.20170724 GCC4.4.7",
    "IntendedFor":[
        "func/sub-M80314102_task-vtsreward_run-01_bold.nii.gz",
        "func/sub-M80314102_task-vtsreward_run-02_bold.nii.gz",
        "func/sub-M80314102_task-vtsreward_run-03_bold.nii.gz",
        "func/sub-M80314102_task-vtsreward_run-04_bold.nii.gz",
        "func/sub-M80314102_task-vtsreward_run-05_bold.nii.gz"
    ],
    "EchoTime1":0.00492,
    "EchoTime2":0.00738
}