{
    "Manufacturer":"Siemens",
    "ManufacturersModelName":"TrioTim",
    "AcquisitionNumber":1,
    "InstitutionName":"Intermountain_Neuroimaging_Consortium",
    "InstitutionAddress":"Exposition_Drive_1777_Boulder-D4A842-_Denver_US_80301",
    "DeviceSerialNumber":"35451",
    "SoftwareVersions":"syngo_MR_B17",
    "ProcedureStepDescription":"MBANICH_CORE_200001",
    "ScanningSequence":"GR_IR",
    "SequenceVariant":"SP_MP",
    "SeriesDescription":"mprage_5e",
    "ProtocolName":"mprage_5e",
    "SequenceName":"tfl3d5_ns",
    "ImageType":[
        "ORIGINAL",
        "PRIMARY",
        "M",
        "ND",
        "NORM"
    ],
    "AcquisitionTime":"10:42:0.425000",
    "MagneticFieldStrength":3,
    "FlipAngle":7,
    "EchoTime":0.00164,
    "RepetitionTime":2.53,
    "InversionTime":1.2,
    "PhaseEncodingLines":256,
    "AccelFactPE":2,
    "PhaseEncodingDirection":"i-",
    "ConversionSoftware":"dcm2niix",
    "ConversionSoftwareVersion":"v1.0.20170724 GCC4.4.7"
}