{
    "Manufacturer":"Siemens",
    "ManufacturersModelName":"TrioTim",
    "AcquisitionNumber":1,
    "InstitutionName":"Intermountain_Neuroimaging_Consortium",
    "InstitutionAddress":"Exposition_Drive_1777_Boulder_905a50_Denver_US_80301",
    "DeviceSerialNumber":"35451",
    "SoftwareVersions":"syngo_MR_B17",
    "ProcedureStepDescription":"JORR_VTS_REWARD_200039",
    "ScanningSequence":"EP",
    "SequenceVariant":"SK",
    "SeriesDescription":"VTS_TASK_333_v01_r01",
    "ProtocolName":"VTS_TASK_333_v01_r01",
    "SequenceName":"epfid2d1_64",
    "ImageType":[
        "ORIGINAL",
        "PRIMARY",
        "M",
        "ND",
        "MOSAIC"
    ],
    "AcquisitionTime":"16:43:7.675000",
    "MagneticFieldStrength":3,
    "FlipAngle":67,
    "EchoTime":0.025,
    "RepetitionTime":1.5,
    "PhaseEncodingLines":64,
    "BandwidthPerPixelPhaseEncode":29.481,
    "EffectiveEchoSpacing":0.000530002,
    "TotalReadoutTime":0.0333901,
    "SliceTiming":[
        0,
        0.06,
        0.1175,
        0.175,
        0.2325,
        0.29,
        0.3475,
        0.4075,
        0.465,
        0.5225,
        0.58,
        0.6375,
        0.695,
        0.755,
        0.8125,
        0.87,
        0.9275,
        0.985,
        1.0425,
        1.1,
        1.16,
        1.2175,
        1.275,
        1.3325,
        1.39,
        1.4475
    ],
    "PhaseEncodingDirection":"j-",
    "ConversionSoftware":"dcm2niix",
    "ConversionSoftwareVersion":"v1.0.20170724 GCC4.4.7",
    "TaskName":"vtsreward"
}